GEM
  remote: https://rubygems.org/
  specs:
    airbrussh (1.4.0)
      sshkit (>= 1.6.1, != 1.7.0)
    anyway_config (2.1.0)
      ruby-next-core (>= 0.11.0)
    bcrypt (3.1.16)
    bcrypt_pbkdf (1.1.0)
    bson (1.12.5)
    bson_ext (1.12.5)
      bson (~> 1.12.5)
    capistrano (3.16.0)
      airbrussh (>= 1.0.0)
      i18n
      rake (>= 10.0.0)
      sshkit (>= 1.9.0)
    capistrano-bundler (2.0.1)
      capistrano (~> 3.1)
    capistrano-rvm (0.1.2)
      capistrano (~> 3.0)
      sshkit (~> 1.2)
    capistrano3-puma (5.2.0)
      capistrano (~> 3.7)
      capistrano-bundler
      puma (>= 4.0, < 6.0)
    concurrent-ruby (1.1.9)
    dotenv (2.7.6)
    dry-initializer (3.0.4)
    ed25519 (1.2.4)
    haml (5.2.2)
      temple (>= 0.8.0)
      tilt
    i18n (1.8.10)
      concurrent-ruby (~> 1.0)
    json (2.5.1)
    mustermann (1.1.1)
      ruby2_keywords (~> 0.0.1)
    net-scp (3.0.0)
      net-ssh (>= 2.6.5, < 7.0.0)
    net-ssh (6.1.0)
    nio4r (2.5.8)
    prometheus-client (2.1.0)
    puma (5.5.0)
      nio4r (~> 2.0)
    rack (2.2.3)
    rack-protection (2.1.0)
      rack
    rake (13.0.6)
    ruby-next-core (0.12.0)
    ruby2_keywords (0.0.5)
    rvm-capistrano (1.5.0)
      capistrano (>= 2.15.4)
    sinatra (2.1.0)
      mustermann (~> 1.0)
      rack (~> 2.2)
      rack-protection (= 2.1.0)
      tilt (~> 2.0)
    sshkit (1.21.2)
      net-scp (>= 1.1.2)
      net-ssh (>= 2.8.0)
    temple (0.8.2)
    tilt (2.0.10)
    yabeda (0.10.1)
      anyway_config (>= 1.0, < 3)
      concurrent-ruby
      dry-initializer
    yabeda-puma-plugin (0.6.0)
      json
      puma
      yabeda (~> 0.5)

PLATFORMS
  ruby

DEPENDENCIES
  bcrypt
  bcrypt_pbkdf (>= 1.0, < 2.0)
  bson_ext (~> 1.12.5)
  capistrano (~> 3.16)
  capistrano-bundler
  capistrano-rvm
  capistrano3-puma
  dotenv
  ed25519 (>= 1.2, < 2.0)
  haml
  json
  prometheus-client
  puma
  rvm-capistrano
  sinatra
  yabeda-puma-plugin

BUNDLED WITH
   2.1.4
